PATH
  remote: lib/gracenote
  specs:
    gracenote (1.0.0)
      crack
      curb

GEM
  remote: https://rubygems.org/
  specs:
    crack (0.4.1)
      safe_yaml (~> 0.9.0)
    curb (0.8.5)
    rack (1.5.2)
    rack-protection (1.5.0)
      rack
    safe_yaml (0.9.7)
    shotgun (0.9)
      rack (>= 1.0)
    sinatra (1.4.3)
      rack (~> 1.4)
      rack-protection (~> 1.4)
      tilt (~> 1.3, >= 1.3.4)
    tilt (1.4.1)

PLATFORMS
  ruby

DEPENDENCIES
  gracenote!
  shotgun
  sinatra
